GEM
  remote: https://rubygems.org/
  specs:
    rubysl-net-ftp (2.0.1)

PLATFORMS
  ruby

DEPENDENCIES
  rubysl-net-ftp (~> 2.0, >= 2.0.1)

BUNDLED WITH
   1.12.5
